PATH
  remote: .
  specs:
    smartkiosk-client (0.0.3)
      activesupport (= 3.2.11)
      amqp (= 0.9.8)
      carrierwave (= 0.7.1)
      file-tail (= 1.0.12)
      haml (= 3.1.7)
      liquid (= 2.4.1)
      pg (= 0.14.1)
      pry (= 0.9.10)
      rake (= 10.0.3)
      recursive-open-struct (= 0.2.1)
      redis (= 3.0.2)
      redis-objects (= 0.6.1)
      rest-client (= 1.6.7)
      rubyzip (= 0.9.9)
      rufus-scheduler (= 2.0.17)
      sass (= 3.2.5)
      sidekiq (= 2.6.5)
      sinatra (= 1.3.4)
      sinatra-activerecord (= 1.2.1)
      sinatra-contrib (= 1.3.2)
      slim (= 1.3.4)
      smartguard (= 0.3.8)
      smartkiosk-common (= 0.0.2)
      smartware (= 0.2.8)
      sprockets (= 2.8.2)
      sprockets-helpers (= 0.8.0)
      sprockets-sass (= 0.9.1)
      sqlite3 (= 1.3.6)
      thin (= 1.5.0)

GEM
  remote: https://rubygems.org/
  specs:
    activemodel (3.2.11)
      activesupport (= 3.2.11)
      builder (~> 3.0.0)
    activerecord (3.2.11)
      activemodel (= 3.2.11)
      activesupport (= 3.2.11)
      arel (~> 3.0.2)
      tzinfo (~> 0.3.29)
    activesupport (3.2.11)
      i18n (~> 0.6)
      multi_json (~> 1.0)
    amq-client (0.9.11)
      amq-protocol (>= 1.0.1)
      eventmachine
    amq-protocol (1.1.0)
    amqp (0.9.8)
      amq-client (~> 0.9.5)
      amq-protocol (>= 0.9.4)
      eventmachine
    arel (3.0.2)
    backports (2.7.1)
    builder (3.0.4)
    carrierwave (0.7.1)
      activemodel (>= 3.2.0)
      activesupport (>= 3.2.0)
    celluloid (0.12.4)
      facter (>= 1.6.12)
      timers (>= 1.0.0)
    cmux (0.0.2)
      ffi
    coderay (1.0.8)
    colored (1.2)
    connection_pool (1.0.0)
    daemons (1.1.9)
    digest-crc (0.3.0)
    eventmachine (1.0.0)
    facter (1.6.17)
    ffi (1.3.1)
    file-tail (1.0.12)
      tins (~> 0.5)
    haml (3.1.7)
    hike (1.2.1)
    i18n (0.6.1)
    liquid (2.4.1)
    method_source (0.8.1)
    mime-types (1.19)
    multi_json (1.5.0)
    pg (0.14.1)
    pry (0.9.10)
      coderay (~> 1.0.5)
      method_source (~> 0.8)
      slop (~> 3.3.1)
    rack (1.5.1)
    rack-protection (1.3.2)
      rack
    rack-test (0.6.2)
      rack (>= 1.0)
    rake (10.0.3)
    recursive-open-struct (0.2.1)
    redcarpet (2.2.2)
    redis (3.0.2)
    redis-namespace (1.2.1)
      redis (~> 3.0.0)
    redis-objects (0.6.1)
      redis (>= 3.0.2)
    rest-client (1.6.7)
      mime-types (>= 1.16)
    rubyzip (0.9.9)
    rufus-scheduler (2.0.17)
      tzinfo (>= 0.3.23)
    sass (3.2.5)
    serialport (1.1.0)
    sidekiq (2.6.5)
      celluloid (~> 0.12.0)
      connection_pool (~> 1.0)
      multi_json (~> 1)
      redis (~> 3)
      redis-namespace
    sinatra (1.3.4)
      rack (~> 1.4)
      rack-protection (~> 1.3)
      tilt (~> 1.3, >= 1.3.3)
    sinatra-activerecord (1.2.1)
      activerecord (~> 3.0)
      sinatra (~> 1.0)
    sinatra-contrib (1.3.2)
      backports (>= 2.0)
      eventmachine
      rack-protection
      rack-test
      sinatra (~> 1.3.0)
      tilt (~> 1.3)
    slim (1.3.4)
      temple (~> 0.5.5)
      tilt (~> 1.3.3)
    slop (3.3.3)
    smartguard (0.3.8)
      activesupport
      colored
      i18n
      smartkiosk-common
      trollop
    smartkiosk-common (0.0.2)
    smartware (0.2.8)
      activesupport
      cmux (>= 0.0.2)
      digest-crc
      redcarpet
      serialport
      smartkiosk-common (>= 0.0.2)
      trollop
    sprockets (2.8.2)
      hike (~> 1.2)
      multi_json (~> 1.0)
      rack (~> 1.0)
      tilt (~> 1.1, != 1.3.0)
    sprockets-helpers (0.8.0)
      sprockets (~> 2.0)
    sprockets-sass (0.9.1)
      sprockets (~> 2.0)
      tilt (~> 1.1)
    sqlite3 (1.3.6)
    temple (0.5.5)
    thin (1.5.0)
      daemons (>= 1.0.9)
      eventmachine (>= 0.12.6)
      rack (>= 1.0.0)
    tilt (1.3.3)
    timers (1.1.0)
    tins (0.6.0)
    trollop (2.0)
    tzinfo (0.3.35)

PLATFORMS
  ruby

DEPENDENCIES
  pry
  smartkiosk-client!
